GIT
  remote: git://github.com/rails/activemodel-serializers-xml.git
  revision: 93689638c28525acc65afb638fce866826532641
  specs:
    activemodel-serializers-xml (1.0.2)
      activemodel (>= 5.0.0.a)
      activesupport (~> 6.1.7.3)
      builder (~> 3.1)

GIT
  remote: git://github.com/rails/rails-controller-testing.git
  revision: a60b3da1c1c77959b28606dd087c058c64b5a08f
  specs:
    rails-controller-testing (1.0.4)
      actionpack (>= 6.0.4.1)
      actionview (>= 5.0.1.rc1)
      activesupport (~> 6.1.7.3)

PATH
  remote: .
  specs:
    devise (4.7.2)
      bcrypt (~> 3.0)
      orm_adapter (~> 0.1)
      railties (>= 4.1.0)
      responders
      warden (~> 1.2.3)

GEM
  remote: https://rubygems.org/
  specs:
    actioncable (6.0.3.1)
      actionpack (>= 6.0.4.1)
      nio4r (~> 2.0)
      websocket-driver (>= 0.6.1)
    actionmailbox (6.0.3.1)
      actionpack (6.0.3.4)
      activejob (= 6.0.3.1)
      activerecord (~> 6.1.7.1)
      activestorage (= 6.0.4.7)
      activesupport (~> 6.1.7.3)
      mail (>= 2.7.1)
    actionmailer (6.0.3.1)
      actionpack (>= 6.0.4.1)
      actionview (>= 6.0.3.3)
      activejob (= 6.0.3.1)
      mail (~> 2.5, >= 2.5.4)
      rails-dom-testing (~> 2.0)
    actionpack (>= 6.0.4.1)
      actionview (>= 6.0.3.3)
      activesupport (~> 6.1.7.3)
      rack (>= 2.2.3.1)
      rack-test (>= 0.6.3)
      rails-dom-testing (~> 2.0)
      rails-html-sanitizer (~> 1.4.3)
    actiontext (6.0.3.1)
      actionpack (>= 6.0.4.1)
      activerecord (~> 6.1.7.1)
      activestorage (= 6.0.4.7)
      activesupport (~> 6.1.7.3)
      nokogiri (>= 1.12.5)
    actionview (>= 6.0.3.3)
      activesupport (~> 6.1.7.3)
      builder (~> 3.1)
      erubi (~> 1.4)
      rails-dom-testing (~> 2.0)
      rails-html-sanitizer (~> 1.4.3)
    activejob (6.0.3.1)
      activesupport (~> 6.1.7.3)
      globalid (< 1.0.1)
    activemodel (6.0.3.1)
      activesupport (~> 6.1.7.3)
    activerecord (~> 6.1.7.1)
      activemodel (= 6.0.3.1)
      activesupport (~> 6.1.7.3)
    activestorage (= 6.0.4.7)
      actionpack (= 6.0.3.1)
      activejob (= 6.0.3.1)
      activerecord (~> 6.1.7.1)
      marcel (~> 0.3.1)
    activesupport (~> 6.1.7.3)
      concurrent-ruby (~> 1.0, >= 1.0.2)
      i18n (>= 0.7, < 2)
      minitest (~> 5.1)
      tzinfo (= 1.2.10)
      zeitwerk (~> 2.2, >= 2.2.2)
    bcrypt (3.1.13)
    builder (3.2.4)
    concurrent-ruby (1.1.6)
    crass (1.0.6)
    erubi (1.9.0)
    faraday (1.0.1)
      multipart-post (>= 1.2, < 3)
    globalid (0.4.2)
      activesupport (~> 6.1.7.3)
    hashie (4.1.0)
    i18n (1.8.3)
      concurrent-ruby (~> 1.0)
    jwt (2.2.1)
    loofah (2.19.1)
      crass (~> 1.0.2)
      nokogiri (>= 1.12.5)
    mail (2.7.1)
      mini_mime (>= 0.1.1)
    marcel (0.3.3)
      mimemagic (~> 0.3.2)
    method_source (1.0.0)
    mimemagic (0.3.5)
    mini_mime (1.0.2)
    mini_portile2 (2.4.0)
    minitest (5.14.1)
    mocha (1.11.2)
    multi_json (1.14.1)
    multi_xml (0.6.0)
    multipart-post (2.1.1)
    nio4r (2.5.2)
    nokogiri (>= 1.12.5)
      mini_portile2 (~> 2.4.0)
    oauth2 (1.4.4)
      faraday (>= 0.8, < 2.0)
      jwt (>= 1.0, < 3.0)
      multi_json (~> 1.3)
      multi_xml (~> 0.5)
      rack (>= 2.2.3.1)
      hashie (>= 3.4.6)
      rack (>= 2.2.3.1)
    omniauth-facebook (6.0.0)
      omniauth-oauth2 (~> 1.2)
    omniauth-oauth2 (1.6.0)
      oauth2 (~> 1.1)
    omniauth-openid (1.0.1)
      rack-openid (~> 1.3.1)
gem "omniauth-rails_csrf_protection"
    orm_adapter (0.5.0)
    rack (>= 2.2.3.1)
    rack-openid (1.3.1)
      rack (>= 2.2.3.1)
      ruby-openid (>= 2.1.8)
    rack-test (1.1.0)
      rack (>= 2.2.3.1)
    rails (6.0.3.1)
      actioncable (= 6.0.3.1)
      actionmailbox (= 6.0.3.1)
      actionmailer (= 6.0.3.1)
      actionpack (= 6.0.3.1)
      actiontext (= 6.0.3.1)
      actionview (= 6.0.3.1)
      activejob (= 6.0.3.1)
      activemodel (= 6.0.3.1)
      activerecord (~> 6.1.7.1)
      activestorage (= 6.0.3.1)
      activesupport (~> 6.1.7.3)
      bundler (>= 1.3.0)
      railties (= 6.0.3.1)
      sprockets-rails (>= 2.0.0)
    rails-dom-testing (2.0.3)
      activesupport (~> 6.1.7.3)
      nokogiri (>= 1.12.5)
    rails-html-sanitizer (~> 1.4.3)
      loofah (>= 2.19.1)
    railties (6.0.3.1)
      actionpack (= 6.0.3.1)
      activesupport (~> 6.1.7.3)
      method_source
      rake (>= 0.8.7)
      thor (>= 0.20.3, < 2.0)
    rake (13.0.1)
    rdoc (6.3.1)
    responders (3.0.1)
      actionpack (>= 5.0)
      railties (>= 5.0)
    ruby-openid (2.9.2)
    sprockets (4.0.1)
      concurrent-ruby (~> 1.0)
      rack (>= 2.2.3.1)
    sprockets-rails (3.2.1)
      actionpack (>= 4.0)
      activesupport (~> 6.1.7.3)
      sprockets (>= 3.0.0)
    sqlite3 (1.4.2)
    thor (1.0.1)
    thread_safe (0.3.6)
    timecop (0.9.1)
    tzinfo (1.2.10)
      thread_safe (~> 0.1)
    warden (1.2.8)
      rack (>= 2.2.3.1)
    webrat (0.7.3)
      nokogiri (>= 1.12.5)
      rack (>= 2.2.3.1)
      rack-test (>= 0.5.3)
    websocket-driver (0.7.2)
      websocket-extensions (>= 0.1.0)
    websocket-extensions (0.1.5)
    zeitwerk (2.3.0)

PLATFORMS
  ruby

DEPENDENCIES
  activemodel-serializers-xml!
  devise!
  mocha (~> 1.1)
  omniauth-facebook
  omniauth-oauth2
  omniauth-openid
  rails (~> 6.0.0)
  rails-controller-testing!
  rdoc
  responders (~> 3.0)
  sqlite3 (~> 1.4)
  timecop
  webrat (= 0.7.3)

BUNDLED WITH
   1.17.3
